GEM
  remote: https://rubygems.org/
  specs:
    browserstack-local (1.3.0)
    childprocess (0.9.0)
      ffi (~> 1.0, >= 1.0.11)
    ffi (1.15.5)
    rubyzip (1.3.0)
    selenium-webdriver (3.4.0)
      childprocess (~> 0.5)
      rubyzip (~> 1.0)
      websocket (~> 1.0)
    websocket (1.2.9)

PLATFORMS
  x86_64-darwin-20

DEPENDENCIES
  browserstack-local (= 1.3.0)
  selenium-webdriver (= 3.4.0)

BUNDLED WITH
   2.2.3
